GIT
  remote: git://github.com/sinatra/sinatra.git
  revision: e16bc71590d3577769551263948a96642a0c83be
  specs:
    sinatra (1.2.0.a)
      rack (~> 1.1)
      tilt (>= 1.2.2, < 2.0)

GEM
  remote: http://rubygems.org/
  specs:
    haml (3.0.25)
    less (1.2.21)
      mutter (>= 0.4.2)
      treetop (>= 1.4.2)
    mutter (0.5.3)
    polyglot (0.3.1)
    rack (1.2.1)
    sequel (3.20.0)
    tilt (1.2.2)
    treetop (1.4.9)
      polyglot (>= 0.3.1)

PLATFORMS
  ruby

DEPENDENCIES
  haml
  less
  sequel
  sinatra!
